GEM
  remote: https://rubygems.org/
  specs:
    chunky_png (1.3.1)
    parallel (1.0.0)

PLATFORMS
  ruby

DEPENDENCIES
  chunky_png
  parallel
